GEM
  remote: https://rubygems.org/
  specs:
    actioncable (8.0.3)
      actionpack (= 8.0.3)
      activesupport (= 8.0.3)
      nio4r (~> 2.0)
      websocket-driver (>= 0.6.1)
      zeitwerk (~> 2.6)
    actionmailbox (8.0.3)
      actionpack (= 8.0.3)
      activejob (= 8.0.3)
      activerecord (= 8.0.3)
      activestorage (= 8.0.3)
      activesupport (= 8.0.3)
      mail (>= 2.8.0)
    actionmailer (8.0.3)
      actionpack (= 8.0.3)
      actionview (= 8.0.3)
      activejob (= 8.0.3)
      activesupport (= 8.0.3)
      mail (>= 2.8.0)
      rails-dom-testing (~> 2.2)
    actionpack (8.0.3)
      actionview (= 8.0.3)
      activesupport (= 8.0.3)
      nokogiri (>= 1.8.5)
      rack (>= 2.2.4)
      rack-session (>= 1.0.1)
      rack-test (>= 0.6.3)
      rails-dom-testing (~> 2.2)
      rails-html-sanitizer (~> 1.6)
      useragent (~> 0.16)
    actiontext (8.0.3)
      actionpack (= 8.0.3)
      activerecord (= 8.0.3)
      activestorage (= 8.0.3)
      activesupport (= 8.0.3)
      globalid (>= 0.6.0)
      nokogiri (>= 1.8.5)
    actionview (8.0.3)
      activesupport (= 8.0.3)
      builder (~> 3.1)
      erubi (~> 1.11)
      rails-dom-testing (~> 2.2)
      rails-html-sanitizer (~> 1.6)
    activejob (8.0.3)
      activesupport (= 8.0.3)
      globalid (>= 0.3.6)
    activejob-retry (0.6.3)
      activejob (>= 4.2)
      activesupport (>= 4.2)
    activemodel (8.0.3)
      activesupport (= 8.0.3)
    activerecord (8.0.3)
      activemodel (= 8.0.3)
      activesupport (= 8.0.3)
      timeout (>= 0.4.0)
    activestorage (8.0.3)
      actionpack (= 8.0.3)
      activejob (= 8.0.3)
      activerecord (= 8.0.3)
      activesupport (= 8.0.3)
      marcel (~> 1.0)
    activesupport (8.0.3)
      base64
      benchmark (>= 0.3)
      bigdecimal
      concurrent-ruby (~> 1.0, >= 1.3.1)
      connection_pool (>= 2.2.5)
      drb
      i18n (>= 1.6, < 2)
      logger (>= 1.4.2)
      minitest (>= 5.1)
      securerandom (>= 0.3)
      tzinfo (~> 2.0, >= 2.0.5)
      uri (>= 0.13.1)
    addressable (2.8.7)
      public_suffix (>= 2.0.2, < 7.0)
    ancestry (4.3.3)
      activerecord (>= 5.2.6)
    ast (2.4.3)
    awesome_print (1.9.2)
    base64 (0.3.0)
    bcrypt (3.1.20)
    benchmark (0.5.0)
    better_errors (2.10.1)
      erubi (>= 1.0.0)
      rack (>= 0.9.0)
      rouge (>= 1.0.0)
    bigdecimal (3.3.1)
    binding_of_caller (1.0.1)
      debug_inspector (>= 1.2.0)
    bootsnap (1.18.6)
      msgpack (~> 1.2)
    brakeman (7.1.0)
      racc
    browser (6.2.0)
    builder (3.3.0)
    byebug (12.0.0)
    capybara (3.40.0)
      addressable
      matrix
      mini_mime (>= 0.1.3)
      nokogiri (~> 1.11)
      rack (>= 1.6.0)
      rack-test (>= 0.6.3)
      regexp_parser (>= 1.5, < 3.0)
      xpath (~> 3.2)
    capybara-email (3.0.2)
      capybara (>= 2.4, < 4.0)
      mail
    chunky_png (1.4.0)
    climate_control (1.2.0)
    coderay (1.1.3)
    concurrent-ruby (1.3.5)
    connection_pool (2.5.4)
    crack (1.0.1)
      bigdecimal
      rexml
    crass (1.0.6)
    csv (3.3.5)
    dartsass-rails (0.5.1)
      railties (>= 6.0.0)
      sass-embedded (~> 1.63)
    database_cleaner (2.1.0)
      database_cleaner-active_record (>= 2, < 3)
    database_cleaner-active_record (2.2.2)
      activerecord (>= 5.a)
      database_cleaner-core (~> 2.0)
    database_cleaner-core (2.0.1)
    date (3.4.1)
    debug_inspector (1.2.0)
    devise (4.9.4)
      bcrypt (~> 3.0)
      orm_adapter (~> 0.1)
      railties (>= 4.1.0)
      responders
      warden (~> 1.2.3)
    devise-encryptable (0.2.0)
      devise (>= 2.1.0)
    devise_invitable (2.0.11)
      actionmailer (>= 5.0)
      devise (>= 4.6)
    devise_zxcvbn (1.1.2)
      devise
      zxcvbn-ruby (>= 0.0.2)
    diff-lcs (1.6.2)
    dig_rb (1.0.1)
    docile (1.4.1)
    domain_name (0.6.20240107)
    doorkeeper (5.8.2)
      railties (>= 5)
    drb (2.2.3)
    erb (5.1.1)
    erubi (1.13.1)
    execjs (2.10.0)
    expgen (0.1.1)
      parslet
    factory_bot (6.5.6)
      activesupport (>= 6.1.0)
    factory_bot_rails (6.5.1)
      factory_bot (~> 6.5)
      railties (>= 6.1.0)
    ffi (1.17.2)
    ffi (1.17.2-aarch64-linux-gnu)
    ffi (1.17.2-arm64-darwin)
    ffi (1.17.2-x86_64-linux-gnu)
    ffi-compiler (1.3.2)
      ffi (>= 1.15.5)
      rake
    find_a_port (1.0.1)
    gds-api-adapters (101.0.0)
      addressable
      link_header
      null_logger
      plek (>= 1.9.0)
      rack (>= 2.2.0)
      rest-client (~> 2.0)
    globalid (1.3.0)
      activesupport (>= 6.1)
    google-protobuf (4.33.0)
      bigdecimal
      rake (>= 13)
    google-protobuf (4.33.0-aarch64-linux-gnu)
      bigdecimal
      rake (>= 13)
    google-protobuf (4.33.0-arm64-darwin)
      bigdecimal
      rake (>= 13)
    google-protobuf (4.33.0-x86_64-linux-gnu)
      bigdecimal
      rake (>= 13)
    googleapis-common-protos-types (1.22.0)
      google-protobuf (~> 4.26)
    govuk_app_config (9.20.6)
      logstasher (~> 2.1)
      opentelemetry-exporter-otlp (>= 0.25, < 0.32)
      opentelemetry-instrumentation-all (>= 0.39.1, < 0.87.0)
      opentelemetry-sdk (~> 1.2)
      plek (>= 4, < 6)
      prometheus_exporter (~> 2.3)
      puma (>= 5.6, < 8.0)
      rack-proxy (~> 0.7)
      sentry-rails (~> 5.3)
      sentry-ruby (~> 5.3)
      statsd-ruby (~> 1.5)
    govuk_personalisation (1.1.0)
      plek (>= 1.9.0)
      rails (>= 6, < 9)
    govuk_publishing_components (61.3.1)
      govuk_app_config
      govuk_personalisation (>= 0.7.0)
      kramdown
      ostruct
      plek
      rails (>= 6)
      rouge
      sprockets (>= 3)
      sprockets-rails
    govuk_sidekiq (10.0.0)
      gds-api-adapters (>= 19.1.0)
      govuk_app_config (>= 1.1)
      redis-client (>= 0.22.2)
      sidekiq (~> 7.0, < 8)
    govuk_test (4.1.2)
      brakeman (>= 5.0.2)
      capybara (>= 3.36)
      puma
      selenium-webdriver (>= 4.0)
    hashdiff (1.2.1)
    http (5.3.1)
      addressable (~> 2.8)
      http-cookie (~> 1.0)
      http-form_data (~> 2.2)
      llhttp-ffi (~> 0.5.0)
    http-accept (1.7.0)
    http-cookie (1.1.0)
      domain_name (~> 0.5)
    http-form_data (2.3.0)
    httparty (0.23.2)
      csv
      mini_mime (>= 1.0.0)
      multi_xml (>= 0.5.2)
    i18n (1.14.7)
      concurrent-ruby (~> 1.0)
    io-console (0.8.1)
    irb (1.15.2)
      pp (>= 0.6.0)
      rdoc (>= 4.0.0)
      reline (>= 0.4.2)
    json (2.15.2)
    jsonpath (1.1.5)
      multi_json
    jwt (3.1.2)
      base64
    kaminari (1.2.2)
      activesupport (>= 4.1.0)
      kaminari-actionview (= 1.2.2)
      kaminari-activerecord (= 1.2.2)
      kaminari-core (= 1.2.2)
    kaminari-actionview (1.2.2)
      actionview
      kaminari-core (= 1.2.2)
    kaminari-activerecord (1.2.2)
      activerecord
      kaminari-core (= 1.2.2)
    kaminari-core (1.2.2)
    kramdown (2.5.1)
      rexml (>= 3.3.9)
    kubeclient (4.13.0)
      http (>= 3.0, < 6.0)
      jsonpath (~> 1.0)
      recursive-open-struct (~> 1.1, >= 1.1.1)
      rest-client (~> 2.0)
    language_server-protocol (3.17.0.5)
    link_header (0.0.8)
    lint_roller (1.1.0)
    listen (3.9.0)
      rb-fsevent (~> 0.10, >= 0.10.3)
      rb-inotify (~> 0.9, >= 0.9.10)
    llhttp-ffi (0.5.1)
      ffi-compiler (~> 1.0)
      rake (~> 13.0)
    logger (1.7.0)
    logstasher (2.1.5)
      activesupport (>= 5.2)
      request_store
    loofah (2.24.1)
      crass (~> 1.0.2)
      nokogiri (>= 1.12.0)
    macaddr (1.7.2)
      systemu (~> 2.6.5)
    mail (2.9.0)
      logger
      mini_mime (>= 0.1.1)
      net-imap
      net-pop
      net-smtp
    mail-notify (2.1.0)
      actionmailer (>= 5.2.8.1)
      actionpack (>= 5.2.8.1)
      actionview (>= 5.2.8.1)
      activesupport (>= 5.2.8.1)
      notifications-ruby-client (~> 6.0)
      rack (>= 2.1.4.1)
    marcel (1.1.0)
    matrix (0.4.3)
    method_source (1.1.0)
    mime-types (3.7.0)
      logger
      mime-types-data (~> 3.2025, >= 3.2025.0507)
    mime-types-data (3.2025.0924)
    mini_mime (1.1.5)
    minitest (5.26.0)
    mize (0.6.1)
    mocha (2.7.1)
      ruby2_keywords (>= 0.0.5)
    msgpack (1.8.0)
    multi_json (1.17.0)
    multi_xml (0.7.2)
      bigdecimal (~> 3.1)
    mysql2 (0.5.7)
      bigdecimal
    net-imap (0.5.12)
      date
      net-protocol
    net-pop (0.1.2)
      net-protocol
    net-protocol (0.2.2)
      timeout
    net-smtp (0.5.1)
      net-protocol
    netrc (0.11.0)
    nio4r (2.7.4)
    nokogiri (1.18.10-aarch64-linux-gnu)
      racc (~> 1.4)
    nokogiri (1.18.10-arm64-darwin)
      racc (~> 1.4)
    nokogiri (1.18.10-x86_64-linux-gnu)
      racc (~> 1.4)
    notifications-ruby-client (6.3.0)
      jwt (>= 1.5, < 4)
    null_logger (0.0.1)
    opentelemetry-api (1.7.0)
    opentelemetry-common (0.23.0)
      opentelemetry-api (~> 1.0)
    opentelemetry-exporter-otlp (0.31.1)
      google-protobuf (>= 3.18)
      googleapis-common-protos-types (~> 1.3)
      opentelemetry-api (~> 1.1)
      opentelemetry-common (~> 0.20)
      opentelemetry-sdk (~> 1.10)
      opentelemetry-semantic_conventions
    opentelemetry-helpers-mysql (0.4.0)
      opentelemetry-api (~> 1.7)
      opentelemetry-common (~> 0.21)
    opentelemetry-helpers-sql (0.3.0)
      opentelemetry-api (~> 1.7)
    opentelemetry-helpers-sql-obfuscation (0.5.0)
      opentelemetry-common (~> 0.21)
    opentelemetry-instrumentation-action_mailer (0.6.1)
      opentelemetry-instrumentation-active_support (~> 0.10)
    opentelemetry-instrumentation-action_pack (0.15.1)
      opentelemetry-instrumentation-rack (~> 0.29)
    opentelemetry-instrumentation-action_view (0.11.1)
      opentelemetry-instrumentation-active_support (~> 0.10)
    opentelemetry-instrumentation-active_job (0.10.1)
      opentelemetry-instrumentation-base (~> 0.25)
    opentelemetry-instrumentation-active_model_serializers (0.24.0)
      opentelemetry-instrumentation-active_support (>= 0.7.0)
    opentelemetry-instrumentation-active_record (0.11.1)
      opentelemetry-instrumentation-base (~> 0.25)
    opentelemetry-instrumentation-active_storage (0.3.1)
      opentelemetry-instrumentation-active_support (~> 0.10)
    opentelemetry-instrumentation-active_support (0.10.1)
      opentelemetry-instrumentation-base (~> 0.25)
    opentelemetry-instrumentation-all (0.86.1)
      opentelemetry-instrumentation-active_model_serializers (~> 0.24.0)
      opentelemetry-instrumentation-anthropic (~> 0.3.0)
      opentelemetry-instrumentation-aws_lambda (~> 0.6.0)
      opentelemetry-instrumentation-aws_sdk (~> 0.11.0)
      opentelemetry-instrumentation-bunny (~> 0.24.0)
      opentelemetry-instrumentation-concurrent_ruby (~> 0.24.0)
      opentelemetry-instrumentation-dalli (~> 0.29.0)
      opentelemetry-instrumentation-delayed_job (~> 0.25.1)
      opentelemetry-instrumentation-ethon (~> 0.25.0)
      opentelemetry-instrumentation-excon (~> 0.26.0)
      opentelemetry-instrumentation-faraday (~> 0.30.0)
      opentelemetry-instrumentation-grape (~> 0.5.0)
      opentelemetry-instrumentation-graphql (~> 0.31.1)
      opentelemetry-instrumentation-grpc (~> 0.4.1)
      opentelemetry-instrumentation-gruf (~> 0.5.0)
      opentelemetry-instrumentation-http (~> 0.27.0)
      opentelemetry-instrumentation-http_client (~> 0.26.0)
      opentelemetry-instrumentation-httpx (~> 0.5.0)
      opentelemetry-instrumentation-koala (~> 0.23.0)
      opentelemetry-instrumentation-lmdb (~> 0.25.0)
      opentelemetry-instrumentation-mongo (~> 0.25.0)
      opentelemetry-instrumentation-mysql2 (~> 0.31.0)
      opentelemetry-instrumentation-net_http (~> 0.26.0)
      opentelemetry-instrumentation-pg (~> 0.32.0)
      opentelemetry-instrumentation-que (~> 0.11.1)
      opentelemetry-instrumentation-racecar (~> 0.6.0)
      opentelemetry-instrumentation-rack (~> 0.29.0)
      opentelemetry-instrumentation-rails (~> 0.39.1)
      opentelemetry-instrumentation-rake (~> 0.5.0)
      opentelemetry-instrumentation-rdkafka (~> 0.9.0)
      opentelemetry-instrumentation-redis (~> 0.28.0)
      opentelemetry-instrumentation-resque (~> 0.8.0)
      opentelemetry-instrumentation-restclient (~> 0.26.0)
      opentelemetry-instrumentation-ruby_kafka (~> 0.24.0)
      opentelemetry-instrumentation-sidekiq (~> 0.28.0)
      opentelemetry-instrumentation-sinatra (~> 0.28.0)
      opentelemetry-instrumentation-trilogy (~> 0.64.0)
    opentelemetry-instrumentation-anthropic (0.3.0)
      opentelemetry-instrumentation-base (~> 0.25)
    opentelemetry-instrumentation-aws_lambda (0.6.0)
      opentelemetry-instrumentation-base (~> 0.25)
    opentelemetry-instrumentation-aws_sdk (0.11.0)
      opentelemetry-instrumentation-base (~> 0.25)
    opentelemetry-instrumentation-base (0.25.0)
      opentelemetry-api (~> 1.7)
      opentelemetry-common (~> 0.21)
      opentelemetry-registry (~> 0.1)
    opentelemetry-instrumentation-bunny (0.24.0)
      opentelemetry-instrumentation-base (~> 0.25)
    opentelemetry-instrumentation-concurrent_ruby (0.24.0)
      opentelemetry-instrumentation-base (~> 0.25)
    opentelemetry-instrumentation-dalli (0.29.0)
      opentelemetry-instrumentation-base (~> 0.25)
    opentelemetry-instrumentation-delayed_job (0.25.1)
      opentelemetry-instrumentation-base (~> 0.25)
    opentelemetry-instrumentation-ethon (0.25.0)
      opentelemetry-instrumentation-base (~> 0.25)
    opentelemetry-instrumentation-excon (0.26.0)
      opentelemetry-instrumentation-base (~> 0.25)
    opentelemetry-instrumentation-faraday (0.30.0)
      opentelemetry-instrumentation-base (~> 0.25)
    opentelemetry-instrumentation-grape (0.5.0)
      opentelemetry-instrumentation-rack (~> 0.29)
    opentelemetry-instrumentation-graphql (0.31.1)
      opentelemetry-instrumentation-base (~> 0.25)
    opentelemetry-instrumentation-grpc (0.4.1)
      opentelemetry-instrumentation-base (~> 0.25)
    opentelemetry-instrumentation-gruf (0.5.0)
      opentelemetry-instrumentation-base (~> 0.25)
    opentelemetry-instrumentation-http (0.27.0)
      opentelemetry-instrumentation-base (~> 0.25)
    opentelemetry-instrumentation-http_client (0.26.0)
      opentelemetry-instrumentation-base (~> 0.25)
    opentelemetry-instrumentation-httpx (0.5.0)
      opentelemetry-instrumentation-base (~> 0.25)
    opentelemetry-instrumentation-koala (0.23.0)
      opentelemetry-instrumentation-base (~> 0.25)
    opentelemetry-instrumentation-lmdb (0.25.0)
      opentelemetry-instrumentation-base (~> 0.25)
    opentelemetry-instrumentation-mongo (0.25.0)
      opentelemetry-instrumentation-base (~> 0.25)
    opentelemetry-instrumentation-mysql2 (0.31.0)
      opentelemetry-helpers-mysql
      opentelemetry-helpers-sql
      opentelemetry-helpers-sql-obfuscation
      opentelemetry-instrumentation-base (~> 0.25)
    opentelemetry-instrumentation-net_http (0.26.0)
      opentelemetry-instrumentation-base (~> 0.25)
    opentelemetry-instrumentation-pg (0.32.0)
      opentelemetry-helpers-sql
      opentelemetry-helpers-sql-obfuscation
      opentelemetry-instrumentation-base (~> 0.25)
    opentelemetry-instrumentation-que (0.11.1)
      opentelemetry-instrumentation-base (~> 0.25)
    opentelemetry-instrumentation-racecar (0.6.0)
      opentelemetry-instrumentation-base (~> 0.25)
    opentelemetry-instrumentation-rack (0.29.0)
      opentelemetry-instrumentation-base (~> 0.25)
    opentelemetry-instrumentation-rails (0.39.1)
      opentelemetry-instrumentation-action_mailer (~> 0.6)
      opentelemetry-instrumentation-action_pack (~> 0.15)
      opentelemetry-instrumentation-action_view (~> 0.11)
      opentelemetry-instrumentation-active_job (~> 0.10)
      opentelemetry-instrumentation-active_record (~> 0.11)
      opentelemetry-instrumentation-active_storage (~> 0.3)
      opentelemetry-instrumentation-active_support (~> 0.10)
      opentelemetry-instrumentation-concurrent_ruby (~> 0.23)
    opentelemetry-instrumentation-rake (0.5.0)
      opentelemetry-instrumentation-base (~> 0.25)
    opentelemetry-instrumentation-rdkafka (0.9.0)
      opentelemetry-instrumentation-base (~> 0.25)
    opentelemetry-instrumentation-redis (0.28.0)
      opentelemetry-instrumentation-base (~> 0.25)
    opentelemetry-instrumentation-resque (0.8.0)
      opentelemetry-instrumentation-base (~> 0.25)
    opentelemetry-instrumentation-restclient (0.26.0)
      opentelemetry-instrumentation-base (~> 0.25)
    opentelemetry-instrumentation-ruby_kafka (0.24.0)
      opentelemetry-instrumentation-base (~> 0.25)
    opentelemetry-instrumentation-sidekiq (0.28.0)
      opentelemetry-instrumentation-base (~> 0.25)
    opentelemetry-instrumentation-sinatra (0.28.0)
      opentelemetry-instrumentation-rack (~> 0.29)
    opentelemetry-instrumentation-trilogy (0.64.0)
      opentelemetry-helpers-mysql
      opentelemetry-helpers-sql
      opentelemetry-helpers-sql-obfuscation
      opentelemetry-instrumentation-base (~> 0.25)
      opentelemetry-semantic_conventions (>= 1.8.0)
    opentelemetry-registry (0.4.0)
      opentelemetry-api (~> 1.1)
    opentelemetry-sdk (1.10.0)
      opentelemetry-api (~> 1.1)
      opentelemetry-common (~> 0.20)
      opentelemetry-registry (~> 0.2)
      opentelemetry-semantic_conventions
    opentelemetry-semantic_conventions (1.36.0)
      opentelemetry-api (~> 1.0)
    orm_adapter (0.5.0)
    ostruct (0.6.3)
    pact (1.67.2)
      jsonpath (~> 1.0)
      pact-mock_service (~> 3.0, >= 3.3.1)
      pact-support (~> 1.21, >= 1.21.2)
      rack
      rack-proxy
      rack-test (>= 0.6.3, < 3.0.0)
      rainbow (~> 3.1)
      rspec (~> 3.0)
      string_pattern (~> 2.0)
      thor (>= 0.20, < 2.0)
      webrick (~> 1.8)
      zeitwerk (~> 2.3)
    pact-mock_service (3.12.3)
      find_a_port (~> 1.0.1)
      json
      pact-support (~> 1.16, >= 1.16.4)
      rack (>= 3.0, < 4.0)
      rackup (~> 2.0)
      rspec (>= 2.14)
      thor (>= 0.19, < 2.0)
      webrick (~> 1.8)
    pact-support (1.21.2)
      awesome_print (~> 1.9)
      diff-lcs (~> 1.5)
      expgen (~> 0.1)
      jsonpath (~> 1.0)
      rainbow (~> 3.1.1)
      string_pattern (~> 2.0)
    pact_broker-client (1.77.0)
      base64 (~> 0.2)
      dig_rb (~> 1.0)
      httparty (>= 0.21.0, < 1.0.0)
      ostruct
      rake (~> 13.0)
      table_print (~> 1.5)
      term-ansicolor (~> 1.7)
      thor (>= 0.20, < 2.0)
    parallel (1.27.0)
    parser (3.3.9.0)
      ast (~> 2.4.1)
      racc
    parslet (2.0.0)
    plek (5.2.2)
    pp (0.6.3)
      prettyprint
    prettyprint (0.2.0)
    prism (1.6.0)
    prometheus_exporter (2.3.0)
      webrick
    pry (0.15.2)
      coderay (~> 1.1)
      method_source (~> 1.0)
    pry-byebug (3.11.0)
      byebug (~> 12.0)
      pry (>= 0.13, < 0.16)
    psych (5.2.6)
      date
      stringio
    public_suffix (6.0.2)
    puma (7.1.0)
      nio4r (~> 2.0)
    pundit (2.5.2)
      activesupport (>= 3.0.0)
    racc (1.8.1)
    rack (3.2.3)
    rack-attack (6.8.0)
      rack (>= 1.0, < 4)
    rack-proxy (0.7.7)
      rack
    rack-session (2.1.1)
      base64 (>= 0.1.0)
      rack (>= 3.0.0)
    rack-test (2.2.0)
      rack (>= 1.3)
    rackup (2.2.1)
      rack (>= 3)
    rails (8.0.3)
      actioncable (= 8.0.3)
      actionmailbox (= 8.0.3)
      actionmailer (= 8.0.3)
      actionpack (= 8.0.3)
      actiontext (= 8.0.3)
      actionview (= 8.0.3)
      activejob (= 8.0.3)
      activemodel (= 8.0.3)
      activerecord (= 8.0.3)
      activestorage (= 8.0.3)
      activesupport (= 8.0.3)
      bundler (>= 1.15.0)
      railties (= 8.0.3)
    rails-controller-testing (1.0.5)
      actionpack (>= 5.0.1.rc1)
      actionview (>= 5.0.1.rc1)
      activesupport (>= 5.0.1.rc1)
    rails-dom-testing (2.3.0)
      activesupport (>= 5.0.0)
      minitest
      nokogiri (>= 1.6)
    rails-html-sanitizer (1.6.2)
      loofah (~> 2.21)
      nokogiri (>= 1.15.7, != 1.16.7, != 1.16.6, != 1.16.5, != 1.16.4, != 1.16.3, != 1.16.2, != 1.16.1, != 1.16.0.rc1, != 1.16.0)
    railties (8.0.3)
      actionpack (= 8.0.3)
      activesupport (= 8.0.3)
      irb (~> 1.13)
      rackup (>= 1.0.0)
      rake (>= 12.2)
      thor (~> 1.0, >= 1.2.2)
      tsort (>= 0.2)
      zeitwerk (~> 2.6)
    rainbow (3.1.1)
    rake (13.3.0)
    rb-fsevent (0.11.2)
    rb-inotify (0.11.1)
      ffi (~> 1.0)
    rdoc (6.15.0)
      erb
      psych (>= 4.0.0)
      tsort
    recursive-open-struct (1.3.1)
      ostruct
    redis (5.4.1)
      redis-client (>= 0.22.0)
    redis-client (0.26.1)
      connection_pool
    regexp_parser (2.11.3)
    reline (0.6.2)
      io-console (~> 0.5)
    request_store (1.7.0)
      rack (>= 1.4)
    responders (3.2.0)
      actionpack (>= 7.0)
      railties (>= 7.0)
    rest-client (2.1.0)
      http-accept (>= 1.7.0, < 2.0)
      http-cookie (>= 1.0.2, < 2.0)
      mime-types (>= 1.16, < 4.0)
      netrc (~> 0.8)
    rexml (3.4.4)
    rotp (6.3.0)
    rouge (4.6.1)
    rqrcode (3.1.0)
      chunky_png (~> 1.0)
      rqrcode_core (~> 2.0)
    rqrcode_core (2.0.0)
    rspec (3.13.2)
      rspec-core (~> 3.13.0)
      rspec-expectations (~> 3.13.0)
      rspec-mocks (~> 3.13.0)
    rspec-core (3.13.6)
      rspec-support (~> 3.13.0)
    rspec-expectations (3.13.5)
      diff-lcs (>= 1.2.0, < 2.0)
      rspec-support (~> 3.13.0)
    rspec-mocks (3.13.6)
      diff-lcs (>= 1.2.0, < 2.0)
      rspec-support (~> 3.13.0)
    rspec-support (3.13.6)
    rubocop (1.79.2)
      json (~> 2.3)
      language_server-protocol (~> 3.17.0.2)
      lint_roller (~> 1.1.0)
      parallel (~> 1.10)
      parser (>= 3.3.0.2)
      rainbow (>= 2.2.2, < 4.0)
      regexp_parser (>= 2.9.3, < 3.0)
      rubocop-ast (>= 1.46.0, < 2.0)
      ruby-progressbar (~> 1.7)
      unicode-display_width (>= 2.4.0, < 4.0)
    rubocop-ast (1.46.0)
      parser (>= 3.3.7.2)
      prism (~> 1.4)
    rubocop-capybara (2.22.1)
      lint_roller (~> 1.1)
      rubocop (~> 1.72, >= 1.72.1)
    rubocop-govuk (5.1.20)
      rubocop (= 1.79.2)
      rubocop-ast (= 1.46.0)
      rubocop-capybara (= 2.22.1)
      rubocop-rails (= 2.33.3)
      rubocop-rake (= 0.7.1)
      rubocop-rspec (= 3.6.0)
    rubocop-rails (2.33.3)
      activesupport (>= 4.2.0)
      lint_roller (~> 1.1)
      rack (>= 1.1)
      rubocop (>= 1.75.0, < 2.0)
      rubocop-ast (>= 1.44.0, < 2.0)
    rubocop-rake (0.7.1)
      lint_roller (~> 1.1)
      rubocop (>= 1.72.1)
    rubocop-rspec (3.6.0)
      lint_roller (~> 1.1)
      rubocop (~> 1.72, >= 1.72.1)
    ruby-progressbar (1.13.0)
    ruby2_keywords (0.0.5)
    rubyzip (3.2.0)
    sass-embedded (1.93.2)
      google-protobuf (~> 4.31)
      rake (>= 13)
    sass-embedded (1.93.2-aarch64-linux-gnu)
      google-protobuf (~> 4.31)
    sass-embedded (1.93.2-arm64-darwin)
      google-protobuf (~> 4.31)
    sass-embedded (1.93.2-x86_64-linux-gnu)
      google-protobuf (~> 4.31)
    securerandom (0.4.1)
    selenium-webdriver (4.37.0)
      base64 (~> 0.2)
      logger (~> 1.4)
      rexml (~> 3.2, >= 3.2.5)
      rubyzip (>= 1.2.2, < 4.0)
      websocket (~> 1.0)
    sentry-rails (5.28.1)
      railties (>= 5.0)
      sentry-ruby (~> 5.28.1)
    sentry-ruby (5.28.1)
      bigdecimal
      concurrent-ruby (~> 1.0, >= 1.0.2)
    sentry-sidekiq (5.28.1)
      sentry-ruby (~> 5.28.1)
      sidekiq (>= 3.0)
    shoulda-context (2.0.0)
    sidekiq (7.3.9)
      base64
      connection_pool (>= 2.3.0)
      logger
      rack (>= 2.2.4)
      redis-client (>= 0.22.2)
    simplecov (0.22.0)
      docile (~> 1.1)
      simplecov-html (~> 0.11)
      simplecov_json_formatter (~> 0.1)
    simplecov-html (0.13.2)
    simplecov_json_formatter (0.1.4)
    sprockets (4.2.2)
      concurrent-ruby (~> 1.0)
      logger
      rack (>= 2.2.4, < 4)
    sprockets-rails (3.5.2)
      actionpack (>= 6.1)
      activesupport (>= 6.1)
      sprockets (>= 3.0.0)
    statsd-ruby (1.5.0)
    string_pattern (2.3.0)
      regexp_parser (~> 2.5, >= 2.5.0)
    stringio (3.1.7)
    sync (0.5.0)
    systemu (2.6.5)
    table_print (1.5.7)
    term-ansicolor (1.11.3)
      tins (~> 1)
    terser (1.2.6)
      execjs (>= 0.3.0, < 3)
    thor (1.4.0)
    timecop (0.9.10)
    timeout (0.4.3)
    tins (1.45.0)
      bigdecimal
      mize (~> 0.6)
      sync
    tsort (0.2.0)
    tzinfo (2.0.6)
      concurrent-ruby (~> 1.0)
    unicode-display_width (3.2.0)
      unicode-emoji (~> 4.1)
    unicode-emoji (4.1.0)
    uri (1.0.4)
    useragent (0.16.11)
    uuid (2.3.9)
      macaddr (~> 1.0)
    warden (1.2.9)
      rack (>= 2.0.9)
    webmock (3.25.1)
      addressable (>= 2.8.0)
      crack (>= 0.3.2)
      hashdiff (>= 0.4.0, < 2.0.0)
    webrick (1.9.1)
    websocket (1.2.11)
    websocket-driver (0.8.0)
      base64
      websocket-extensions (>= 0.1.0)
    websocket-extensions (0.1.5)
    xpath (3.2.0)
      nokogiri (~> 1.8)
    zeitwerk (2.7.3)
    zxcvbn-ruby (1.2.0)

PLATFORMS
  aarch64-linux
  arm64-darwin
  x86_64-linux

DEPENDENCIES
  activejob-retry
  addressable
  ancestry
  better_errors
  binding_of_caller
  bootsnap
  browser
  capybara
  capybara-email
  climate_control
  csv
  dartsass-rails
  database_cleaner
  devise
  devise-encryptable
  devise_invitable
  devise_zxcvbn (~> 1.1)
  doorkeeper
  factory_bot_rails
  gds-api-adapters
  govuk_app_config
  govuk_publishing_components
  govuk_sidekiq
  govuk_test
  json
  kaminari
  kubeclient
  listen
  mail-notify
  minitest
  mocha
  mysql2
  nokogiri
  pact
  pact_broker-client
  plek
  pry-byebug
  pundit
  rack-attack
  rails (= 8.0.3)
  rails-controller-testing
  rails-html-sanitizer
  rake
  redis
  rotp
  rqrcode
  rubocop-govuk
  sentry-sidekiq
  shoulda-context
  simplecov
  sprockets-rails
  terser
  timecop
  uuid
  webmock

BUNDLED WITH
   2.5.22
